PATH
  remote: .
  specs:
    docker-env (0)
      gli (= 2.14.0)
      version

GEM
  remote: https://rubygems.org/
  specs:
    byebug (9.0.6)
    coderay (1.1.1)
    gli (2.14.0)
    method_source (0.8.2)
    pry (0.10.4)
      coderay (~> 1.1.0)
      method_source (~> 0.8.1)
      slop (~> 3.4)
    pry-byebug (3.4.1)
      byebug (~> 9.0)
      pry (~> 0.10)
    rake (13.0.1)
    slop (3.6.0)
    version (1.0.0)

PLATFORMS
  ruby

DEPENDENCIES
  docker-env!
  pry
  pry-byebug
  rake

BUNDLED WITH
   1.13.6
